GEM
  remote: https://rubygems.org/
  specs:
    childprocess (0.8.0)
      ffi (~> 1.0, >= 1.0.11)
    debase (0.2.1)
      debase-ruby_core_source
    debase-ruby_core_source (0.10.0)
    ffi (1.9.18)
    mini_portile2 (2.3.0)
    nokogiri (1.8.1)
      mini_portile2 (~> 2.3.0)
    rake (12.3.0)
    robotex (1.0.0)
    ruby-debug-ide (0.6.0)
      rake (>= 0.8.1)
    rubyzip (1.2.1)
    selenium-webdriver (3.7.0)
      childprocess (~> 0.5)
      rubyzip (~> 1.0)
    sqlite3 (1.3.13)

PLATFORMS
  ruby

DEPENDENCIES
  debase
  nokogiri
  robotex
  ruby-debug-ide
  selenium-webdriver
  sqlite3

BUNDLED WITH
   1.16.0
